GIT
  remote: git://github.com/fluent/fluentd.git
  revision: e5a9a4ca03d18b45fdb89061d8251592a044e9fc
  specs:
    fluentd (0.10.45)
      cool.io (>= 1.1.1, < 2.0.0, != 1.2.0)
      http_parser.rb (>= 0.5.1, < 0.7.0)
      json (>= 1.4.3)
      msgpack (>= 0.4.4, < 0.6.0, != 0.5.3, != 0.5.2, != 0.5.1, != 0.5.0)
      sigdump (~> 0.2.2)
      yajl-ruby (~> 1.0)

GIT
  remote: git://github.com/kiyoto/fluent-plugin-twitter.git
  revision: c4aa5b92c1062d8fd3c762d48ce45a369f413f9e
  specs:
    fluent-plugin-twitter (0.2.4)
      em-twitter
      fluentd
      tweetstream
      twitter

GEM
  remote: https://rubygems.org/
  specs:
    addressable (2.3.6)
    bson (1.10.0)
    bson_ext (1.10.0)
      bson (~> 1.10.0)
    buftok (0.2.0)
    cookiejar (0.3.2)
    cool.io (1.2.1)
    daemons (1.1.9)
    em-http-request (1.1.2)
      addressable (>= 2.3.4)
      cookiejar
      em-socksify (>= 0.3)
      eventmachine (>= 1.0.3)
      http_parser.rb (>= 0.6.0)
    em-socksify (0.3.0)
      eventmachine (>= 1.0.0.beta.4)
    em-twitter (0.3.3)
      buftok (~> 0.2)
      eventmachine (~> 1.0)
      http_parser.rb (~> 0.6)
      simple_oauth (~> 0.2)
    equalizer (0.0.9)
    eventmachine (1.0.3)
    faraday (0.9.0)
      multipart-post (>= 1.2, < 3)
    fluent-plugin-mongo (0.7.3)
      fluentd (~> 0.10.9)
      mongo (>= 1.8.0)
    http (0.5.0)
      http_parser.rb
    http_parser.rb (0.6.0)
    json (1.8.1)
    memoizable (0.4.2)
      thread_safe (~> 0.3, >= 0.3.1)
    mongo (1.10.0)
      bson (~> 1.10.0)
    msgpack (0.5.8)
    multi_json (1.9.2)
    multipart-post (2.0.0)
    naught (1.0.0)
    sigdump (0.2.2)
    simple_oauth (0.2.0)
    thread_safe (0.3.3)
    tweetstream (2.6.1)
      daemons (~> 1.1)
      em-http-request (>= 1.1.1)
      em-twitter (~> 0.3)
      multi_json (~> 1.3)
      twitter (~> 5.5)
    twitter (5.8.0)
      addressable (~> 2.3)
      buftok (~> 0.2.0)
      equalizer (~> 0.0.9)
      faraday (~> 0.9.0)
      http (~> 0.5.0)
      http_parser.rb (~> 0.6.0)
      json (~> 1.8)
      memoizable (~> 0.4.0)
      naught (~> 1.0)
      simple_oauth (~> 0.2.0)
    yajl-ruby (1.2.0)

PLATFORMS
  ruby

DEPENDENCIES
  bson_ext
  fluent-plugin-mongo
  fluent-plugin-twitter!
  fluentd!
